GEM
  specs:
    filters_spam (0.3)

PLATFORMS
  ruby

DEPENDENCIES
  filters_spam (~> 0.3)
