GEM
  specs:
    filters_spam (0.2)

PLATFORMS
  ruby

DEPENDENCIES
  filters_spam (~> 0.2)
