GEM
  specs:
    filters_spam (0.1)

PLATFORMS
  ruby

DEPENDENCIES
  filters_spam (~> 0.1)
